PATH
  remote: .
  specs:
    dtext_rb (1.12.3)

GEM
  remote: https://rubygems.org/
  specs:
    benchmark-ips (2.12.0)
    cgi (0.4.0)
    mini_portile2 (2.8.5)
    minitest (5.20.0)
    nokogiri (1.15.5)
      mini_portile2 (~> 2.8.2)
      racc (~> 1.4)
    racc (1.7.3)
    rake (13.1.0)
    rake-compiler (1.2.5)
      rake

PLATFORMS
  ruby

DEPENDENCIES
  benchmark-ips (~> 2.10)
  cgi (~> 0.3)
  dtext_rb!
  minitest (~> 5.15)
  nokogiri (~> 1)
  rake (~> 13)
  rake-compiler (~> 1.1)

BUNDLED WITH
   2.4.3
